GEM
  remote: https://rubygems.org/
  specs:
    atk (3.4.3)
      glib2 (= 3.4.3)
    base64 (0.2.0)
    cairo (1.17.13)
      native-package-installer (>= 1.0.3)
      pkg-config (>= 1.2.2)
      red-colors
    cairo-gobject (3.4.3)
      cairo (>= 1.16.2)
      glib2 (= 3.4.3)
    fxruby (1.6.47)
      mini_portile2 (~> 2.1)
    gdk_pixbuf2 (3.4.3)
      gio2 (= 3.4.3)
    gio2 (3.4.3)
      gobject-introspection (= 3.4.3)
    glib2 (3.4.3)
      native-package-installer (>= 1.0.3)
      pkg-config (>= 1.3.5)
    gobject-introspection (3.4.3)
      glib2 (= 3.4.3)
    gtk2 (3.4.3)
      atk (= 3.4.3)
      gdk_pixbuf2 (= 3.4.3)
      pango (= 3.4.3)
    json (2.7.1)
    matrix (0.4.2)
    mini_portile2 (2.8.5)
    mustermann (3.0.0)
      ruby2_keywords (~> 0.0.1)
    native-package-installer (1.1.9)
    pango (3.4.3)
      cairo-gobject (= 3.4.3)
      gobject-introspection (= 3.4.3)
    pkg-config (1.5.6)
    rack (3.0.9.1)
    rack-protection (4.0.0)
      base64 (>= 0.1.0)
      rack (>= 3.0.0, < 4)
    rack-session (2.0.0)
      rack (>= 3.0.0)
    red-colors (0.4.0)
      json
      matrix
    ruby2_keywords (0.0.5)
    sinatra (4.0.0)
      mustermann (~> 3.0)
      rack (>= 3.0.0, < 4)
      rack-protection (= 4.0.0)
      rack-session (>= 2.0.0, < 3)
      tilt (~> 2.0)
    tilt (2.3.0)

PLATFORMS
  ruby

DEPENDENCIES
  fxruby
  gtk2
  sinatra

BUNDLED WITH
   2.1.4
