GEM
  remote: https://rubygems.org/
  specs:
    atk (4.2.9)
      glib2 (= 4.2.9)
    base64 (0.2.0)
    cairo (1.18.4)
      native-package-installer (>= 1.0.3)
      pkg-config (>= 1.2.2)
      red-colors
    cairo-gobject (4.2.9)
      cairo (>= 1.16.2)
      glib2 (= 4.2.9)
    fiddle (1.1.8)
    fxruby (1.6.48)
      mini_portile2 (~> 2.1)
    gdk3 (4.2.9)
      cairo-gobject (= 4.2.9)
      gdk_pixbuf2 (= 4.2.9)
      pango (= 4.2.9)
    gdk_pixbuf2 (4.2.9)
      gio2 (= 4.2.9)
    gio2 (4.2.9)
      fiddle
      gobject-introspection (= 4.2.9)
    glib2 (4.2.9)
      native-package-installer (>= 1.0.3)
      pkg-config (>= 1.3.5)
    gobject-introspection (4.2.9)
      glib2 (= 4.2.9)
    gtk3 (4.2.9)
      atk (= 4.2.9)
      gdk3 (= 4.2.9)
    json (2.12.2)
    logger (1.7.0)
    matrix (0.4.2)
    mini_portile2 (2.8.9)
    mustermann (3.0.3)
      ruby2_keywords (~> 0.0.1)
    native-package-installer (1.1.9)
    pango (4.2.9)
      cairo-gobject (= 4.2.9)
      gobject-introspection (= 4.2.9)
    pkg-config (1.6.2)
    rack (3.1.18)
    rack-protection (4.1.1)
      base64 (>= 0.1.0)
      logger (>= 1.6.0)
      rack (>= 3.0.0, < 4)
    rack-session (2.1.1)
      base64 (>= 0.1.0)
      rack (>= 3.0.0)
    rackup (2.2.1)
      rack (>= 3)
    red-colors (0.4.0)
      json
      matrix
    ruby2_keywords (0.0.5)
    sinatra (4.1.1)
      logger (>= 1.6.0)
      mustermann (~> 3.0)
      rack (>= 3.0.0, < 4)
      rack-protection (= 4.1.1)
      rack-session (>= 2.0.0, < 3)
      tilt (~> 2.0)
    tilt (2.6.0)
    webrick (1.9.1)

PLATFORMS
  ruby

DEPENDENCIES
  fxruby (~> 1.6)
  gtk3 (~> 4.2)
  rackup (~> 2.2)
  sinatra (~> 4.1)
  webrick (~> 1.9)

BUNDLED WITH
   2.2.34
